PATH
  remote: .
  specs:
    http_status_checker (0.1.0)
      faraday (~> 0.13.1)
      pastel (~> 0.7.2)
      tty-spinner (~> 0.7.0)
      typhoeus (~> 1.3.0)

GEM
  remote: https://rubygems.org/
  specs:
    addressable (2.5.2)
      public_suffix (>= 2.0.2, < 4.0)
    crack (0.4.3)
      safe_yaml (~> 1.0.0)
    equatable (0.5.0)
    ethon (0.11.0)
      ffi (>= 1.3.0)
    faraday (0.13.1)
      multipart-post (>= 1.2, < 3)
    ffi (1.9.18)
    hashdiff (0.3.7)
    minitest (5.10.3)
    multipart-post (2.0.0)
    pastel (0.7.2)
      equatable (~> 0.5.0)
      tty-color (~> 0.4.0)
    public_suffix (3.0.1)
    rake (10.5.0)
    safe_yaml (1.0.4)
    tty-color (0.4.2)
    tty-cursor (0.5.0)
    tty-spinner (0.7.0)
      tty-cursor (>= 0.5.0)
    typhoeus (1.3.0)
      ethon (>= 0.9.0)
    vcr (3.0.3)
    webmock (3.1.0)
      addressable (>= 2.3.6)
      crack (>= 0.3.2)
      hashdiff

PLATFORMS
  ruby

DEPENDENCIES
  bundler (~> 1.16)
  http_status_checker!
  minitest (~> 5.0)
  rake (~> 10.0)
  vcr (~> 3.0.3)
  webmock (~> 3.1.0)

BUNDLED WITH
   1.16.0
